GEM
  remote: https://rubygems.org/
  specs:
    activesupport (3.2.16)
      i18n (~> 0.6, >= 0.6.4)
      multi_json (~> 1.0)
    addressable (2.3.5)
    faraday (0.8.8)
      multipart-post (~> 1.2.0)
    faraday_middleware (0.9.0)
      faraday (>= 0.7.4, < 0.9)
    hashie (2.0.5)
    i18n (0.6.9)
    inifile (2.0.2)
    linux_admin (0.2.3)
      activesupport (< 4.0)
      inifile (~> 2.0.2)
      more_core_extensions
      nokogiri
    mini_portile (0.5.2)
    minigit (0.0.4)
    more_core_extensions (1.1.1)
      activesupport (~> 3.2.13)
    multi_json (1.8.2)
    multipart-post (1.2.0)
    netrc (0.7.7)
    nokogiri (1.6.0)
      mini_portile (~> 0.5.0)
    octokit (1.25.0)
      addressable (~> 2.2)
      faraday (~> 0.8)
      faraday_middleware (~> 0.9)
      hashie (~> 2.0)
      multi_json (~> 1.3)
      netrc (~> 0.7.7)
    ruby_bugzilla (0.4.1)
      linux_admin (~> 0.2.1)

PLATFORMS
  ruby

DEPENDENCIES
  minigit (~> 0.0.4)
  octokit (~> 1.25.0)
  ruby_bugzilla (~> 0.4.1)
